GEM
  remote: https://rubygems.org/
  specs:
    dotenv (2.7.4)
    encrypted_cookie (0.0.5)
      rack (>= 1.1, < 3)
    json (2.3.0)
    mustermann (1.0.3)
    rack (2.2.3)
    rack-protection (2.0.5)
      rack
    sinatra (2.0.5)
      mustermann (~> 1.0)
      rack (~> 2.0)
      rack-protection (= 2.0.5)
      tilt (~> 2.0)
    stripe (5.48.0)
    tilt (2.0.9)

PLATFORMS
  ruby

DEPENDENCIES
  dotenv (= 2.7.4)
  encrypted_cookie (= 0.0.5)
  json (= 2.3.0)
  sinatra (= 2.0.5)
  stripe (= 5.48.0)

RUBY VERSION
   ruby 2.7.2p137

BUNDLED WITH
   1.17.3
